GEM
  remote: http://ruby.taobao.org/
  specs:
    bcrypt-ruby (3.0.1)
    dun (0.0.1)
    haml (4.0.3)
      tilt
    json (1.8.0)
    mini_portile (0.5.0)
    nokogiri (1.6.0)
      mini_portile (~> 0.5.0)
    pg (0.14.1)
    rack (1.5.2)
    sanitize (2.0.4)
      nokogiri (~> 1.6.0)
    sequel (3.48.0)
    sqlite3 (1.3.7)
    tilt (1.4.1)

PLATFORMS
  ruby

DEPENDENCIES
  bcrypt-ruby
  dun
  haml
  json
  pg
  rack
  sanitize
  sequel
  sqlite3
  tilt
