GEM
  remote: https://rubygems.org/
  specs:
    bcrypt-ruby (3.0.1)
    daemons (1.1.9)
    dun (0.2.1)
    eventmachine (1.0.3)
    ground (0.0.2)
    haml (4.0.3)
      tilt
    json (1.8.0)
    kgio (2.8.0)
    mini_portile (0.5.0)
    nokogiri (1.6.0)
      mini_portile (~> 0.5.0)
    pg (0.14.1)
    puma (2.3.1)
      rack (>= 1.1, < 2.0)
    rack (1.5.2)
    raindrops (0.11.0)
    rake (10.1.0)
    sanitize (2.0.4)
      nokogiri (~> 1.6.0)
    sequel (3.48.0)
    sqlite3 (1.3.7)
    thin (1.5.1)
      daemons (>= 1.0.9)
      eventmachine (>= 0.12.6)
      rack (>= 1.0.0)
    tilt (1.4.1)
    unicorn (4.6.3)
      kgio (~> 2.6)
      rack
      raindrops (~> 0.7)

PLATFORMS
  ruby

DEPENDENCIES
  bcrypt-ruby
  dun
  ground
  haml
  json
  pg
  puma
  rack
  rake
  sanitize
  sequel
  sqlite3
  thin
  tilt
  unicorn
