GEM
  remote: http://ruby.taobao.org/
  specs:
    dun (0.0.1)
    haml (4.0.3)
      tilt
    json (1.8.0)
    rack (1.5.2)
    sequel (3.48.0)
    sqlite3 (1.3.7)
    tilt (1.4.1)

PLATFORMS
  ruby

DEPENDENCIES
  dun
  haml
  json
  rack
  sequel
  sqlite3
  tilt
